ObjectType = Image
NDims = 2
BinaryData = True
BinaryDataByteOrderMSB = False
CompressedData = True
CompressedDataSize = 31588
TransformMatrix = 1 0 0 1
Offset = 0 0
CenterOfRotation = 0 0
ElementSpacing = 1 1
DimSize = 100 100
AnatomicalOrientation = ??
ElementType = MET_FLOAT
ElementDataFile = src_R_0.zraw
